PATH
  remote: .
  specs:
    github-pivotal-flow (1.2)
      highline (~> 1.6)
      multi_json (~> 1.8)
      pivotal-tracker (~> 0.5)

GEM
  remote: https://www.rubygems.org/
  specs:
    builder (3.2.2)
    crack (0.4.2)
      safe_yaml (~> 1.0.0)
    diff-lcs (1.2.5)
    docile (1.1.2)
    happymapper (0.4.1)
      libxml-ruby (~> 2.0)
    highline (1.7.0)
    json (1.8.2)
    libxml-ruby (2.8.0)
    mime-types (1.25.1)
    mini_portile (0.6.2)
    multi_json (1.8.4)
    nokogiri (1.6.6.2)
      mini_portile (~> 0.6.0)
    nokogiri-happymapper (0.5.9)
      nokogiri (~> 1.5)
    pivotal-tracker (0.5.12)
      builder
      builder
      crack
      happymapper (>= 0.3.2)
      nokogiri (>= 1.4.3)
      nokogiri (>= 1.5.5)
      nokogiri-happymapper (>= 0.5.4)
      rest-client (~> 1.6.0)
      rest-client (~> 1.6.0)
    rake (10.1.1)
    rdoc (4.2.0)
      json (~> 1.4)
    redcarpet (2.3.0)
    rest-client (1.6.8)
      mime-types (~> 1.16)
      rdoc (>= 2.4.2)
    rspec (3.0.0)
      rspec-core (~> 3.0.0)
      rspec-expectations (~> 3.0.0)
      rspec-mocks (~> 3.0.0)
    rspec-core (3.0.2)
      rspec-support (~> 3.0.0)
    rspec-expectations (3.0.2)
      diff-lcs (>= 1.2.0, < 2.0)
      rspec-support (~> 3.0.0)
    rspec-mocks (3.0.2)
      rspec-support (~> 3.0.0)
    rspec-support (3.0.2)
    safe_yaml (1.0.4)
    simplecov (0.8.2)
      docile (~> 1.1.0)
      multi_json
      simplecov-html (~> 0.8.0)
    simplecov-html (0.8.0)
    yard (0.8.7.3)

PLATFORMS
  ruby

DEPENDENCIES
  bundler (~> 1.3)
  github-pivotal-flow!
  rake (~> 10.0)
  redcarpet (~> 2.2)
  rspec (~> 3.0)
  rspec-mocks (~> 3.0)
  simplecov (~> 0.7)
  yard (~> 0.8)
